PATH
  remote: .
  specs:
    turing-contacts (0.2.6)
      json
      nokogiri
      oauth (= 0.3.6)

GEM
  remote: http://rubygems.org/
  specs:
    diff-lcs (1.1.3)
    fakeweb (1.3.0)
    json (1.7.3)
    json (1.7.3-java)
    metaclass (0.0.1)
    mocha (0.10.0)
      metaclass (~> 0.0.1)
    nokogiri (1.5.4)
    nokogiri (1.5.4-java)
    oauth (0.3.6)
      ruby-hmac (>= 0.3.1)
    rcov (0.9.11)
    rcov (0.9.11-java)
    rspec (2.10.0)
      rspec-core (~> 2.10.0)
      rspec-expectations (~> 2.10.0)
      rspec-mocks (~> 2.10.0)
    rspec-core (2.10.1)
    rspec-expectations (2.10.0)
      diff-lcs (~> 1.1.3)
    rspec-mocks (2.10.1)
    ruby-hmac (0.4.0)

PLATFORMS
  java
  ruby

DEPENDENCIES
  fakeweb
  mocha
  rcov
  rspec (>= 2.1.0)
  turing-contacts!
